GEM
  remote: http://rubygems.org/
  remote: http://rubygems.org/
  specs:
    RedCloth (4.2.8)
    rake (0.9.2)

PLATFORMS
  ruby

DEPENDENCIES
  RedCloth
  rake
