GEM
  remote: http://rubygems.org/
  remote: http://rubygems.org/
  specs:
    RedCloth (4.2.3)
    rake (0.8.7)

PLATFORMS
  ruby

DEPENDENCIES
  RedCloth
  rake
